GEM
  remote: https://rubygems.org/
  specs:
    bson (1.8.2)
    bson_ext (1.8.2)
      bson (~> 1.8.2)
    celluloid (0.12.4)
      facter (>= 1.6.12)
      timers (>= 1.0.0)
    clockwork (0.4.1)
      tzinfo
    connection_pool (1.0.0)
    daemons (1.1.9)
    eventmachine (1.0.0)
    facter (1.6.17)
    jtv-apns (0.1.2)
    listen (0.7.2)
    mongo (1.8.2)
      bson (~> 1.8.2)
    multi_json (1.5.0)
    rack (1.5.0)
    rack-protection (1.3.2)
      rack
    rb-fsevent (0.9.3)
    redis (3.0.2)
    redis-namespace (1.2.1)
      redis (~> 3.0.0)
    rerun (0.7.1)
      listen
    sidekiq (2.6.5)
      celluloid (~> 0.12.0)
      connection_pool (~> 1.0)
      multi_json (~> 1)
      redis (~> 3)
      redis-namespace
    sinatra (1.3.3)
      rack (~> 1.3, >= 1.3.6)
      rack-protection (~> 1.2)
      tilt (~> 1.3, >= 1.3.3)
    thin (1.5.0)
      daemons (>= 1.0.9)
      eventmachine (>= 0.12.6)
      rack (>= 1.0.0)
    tilt (1.3.3)
    timers (1.1.0)
    tzinfo (0.3.35)

PLATFORMS
  ruby

DEPENDENCIES
  bson_ext
  clockwork
  jtv-apns
  mongo
  rb-fsevent (~> 0.9.1)
  rerun
  sidekiq
  sinatra
  thin
